GEM
  remote: https://rubygems.org/
  specs:
    base64 (0.2.0)
    benchmark (0.4.0)
    json (2.10.2)
    logger (1.6.6)
    mini_magick (5.2.0)
      benchmark
      logger
    mustermann (3.0.3)
      ruby2_keywords (~> 0.0.1)
    nio4r (2.7.4)
    puma (6.6.0)
      nio4r (~> 2.0)
    rack (3.1.12)
    rack-protection (4.1.1)
      base64 (>= 0.1.0)
      logger (>= 1.6.0)
      rack (>= 3.0.0, < 4)
    rack-session (2.1.0)
      base64 (>= 0.1.0)
      rack (>= 3.0.0)
    rackup (2.2.1)
      rack (>= 3)
    ruby2_keywords (0.0.5)
    rubyzip (2.4.1)
    sinatra (4.1.1)
      logger (>= 1.6.0)
      mustermann (~> 3.0)
      rack (>= 3.0.0, < 4)
      rack-protection (= 4.1.1)
      rack-session (>= 2.0.0, < 3)
      tilt (~> 2.0)
    tilt (2.6.0)

PLATFORMS
  arm64-darwin-22

DEPENDENCIES
  json
  mini_magick
  puma
  rackup
  rubyzip (~> 2.4)
  sinatra

RUBY VERSION
   ruby 3.2.0p0

BUNDLED WITH
   2.4.12
